GEM
  remote: https://rubygems.org/
  specs:
    awesome_print (1.9.2)
    byebug (11.1.3)
    coderay (1.1.3)
    colorize (1.1.0)
    debase (3.0.0.beta.7)
      debase-ruby_core_source (~> 3.2.0)
    debase-ruby_core_source (3.2.3)
    method_source (1.0.0)
    pastel (0.8.0)
      tty-color (~> 0.5)
    pry (0.14.2)
      coderay (~> 1.1)
      method_source (~> 1.0)
    ruby-debug-ide (3.0.0.beta.12.1)
      debase (~> 3.0.0.beta.7)
    tty-color (0.6.0)
    tty-cursor (0.7.1)
    tty-prompt (0.23.1)
      pastel (~> 0.8)
      tty-reader (~> 0.8)
    tty-reader (0.9.0)
      tty-cursor (~> 0.7)
      tty-screen (~> 0.8)
      wisper (~> 2.0)
    tty-screen (0.8.1)
    wisper (2.0.1)

PLATFORMS
  arm64-darwin-23

DEPENDENCIES
  awesome_print
  byebug
  colorize
  pry
  ruby-debug-ide
  tty-prompt

BUNDLED WITH
   2.4.10
